GEM
  remote: https://rubygems.org/
  specs:
    amq-protocol (2.3.0)
    bunny (2.14.2)
      amq-protocol (~> 2.3, >= 2.3.0)

PLATFORMS
  x64-mingw32

DEPENDENCIES
  bunny

BUNDLED WITH
   1.17.2
